PATH
  remote: .
  specs:
    wordpress-to-middleman (0.1)
      bundler (>= 1.5)
      hashie (>= 3.4)
      html2md (>= 0.1)
      pry-byebug (>= 3.3)
      rake (>= 11.1.2)
      upmark (>= 0.9)

GEM
  remote: https://rubygems.org/
  specs:
    blankslate (3.1.3)
    byebug (8.2.4)
    coderay (1.1.1)
    hashie (3.4.3)
    html2md (0.1.3)
    method_source (0.8.2)
    mini_portile2 (2.0.0)
    nokogiri (1.6.7.2)
      mini_portile2 (~> 2.0.0.rc2)
    parslet (1.7.1)
      blankslate (>= 2.0, <= 4.0)
    pry (0.10.3)
      coderay (~> 1.1.0)
      method_source (~> 0.8.1)
      slop (~> 3.4)
    pry-byebug (3.3.0)
      byebug (~> 8.0)
      pry (~> 0.10)
    rake (11.1.2)
    slop (3.6.0)
    upmark (0.9.0)
      parslet (~> 1.7.0)

PLATFORMS
  ruby

DEPENDENCIES
  nokogiri (>= 1.6)
  wordpress-to-middleman!

BUNDLED WITH
   1.10.3
