PATH
  remote: .
  specs:
    wordpress-to-middleman (0.1.alpha)
      bundler (~> 1.5)
      html2md (~> 0.1)
      nokogiri (~> 1.6)
      rake (>= 11.1.2)
      upmark (~> 0.9)

GEM
  remote: https://rubygems.org/
  specs:
    blankslate (3.1.3)
    html2md (0.1.3)
    mini_portile2 (2.0.0)
    nokogiri (1.6.7.2)
      mini_portile2 (~> 2.0.0.rc2)
    parslet (1.7.1)
      blankslate (>= 2.0, <= 4.0)
    rake (11.1.2)
    upmark (0.9.0)
      parslet (~> 1.7.0)

PLATFORMS
  ruby

DEPENDENCIES
  wordpress-to-middleman!

BUNDLED WITH
   1.10.3
